{
	"ConversionSoftware": "dicm2nii.m 20180219",
	"SeriesNumber": 14,
	"SeriesDescription": "MB_Viscomp_SBRef",
	"ImageType": "ORIGINAL\\PRIMARY\\M\\ND\\MOSAIC",
	"Modality": "MR",
	"AcquisitionDateTime": "20160703183830.487500",
	"TotalReadoutTime": 0.03001507,
	"RepetitionTime": 0.785,
	"PhaseEncodingDirection": "j-",
	"EffectiveEchoSpacing": 0.0003450008,
	"EchoTime": 0.0348,
	"PatientName": "Anon",
	"PatientSex": "Anon",
	"PatientAge": "Anon",
	"PatientSize": "Anon",
	"PatientWeight": "Anon",
	"PatientPosition": "HFS",
	"SliceThickness": 2.4000001,
	"FlipAngle": 55,
	"Manufacturer": "SIEMENS",
	"SoftwareVersion": "syngo MR B19",
	"MRAcquisitionType": "2D",
	"InstitutionName": "Anon",
	"InstitutionAddress": "Anon",
	"DeviceSerialNumber": "35450",
	"ScanningSequence": "EP",
	"SequenceVariant": "SK\\SS",
	"ScanOptions": "FS",
	"SequenceName": "epfid2d1_88",
	"TaskName": "viscomp"
}
