{
	"ConversionSoftware": "dicm2nii.m 20180219",
	"SeriesNumber": 5,
	"SeriesDescription": "cmrr_mbep2d_se_PA",
	"ImageType": "ORIGINAL\\PRIMARY\\M\\ND\\MOSAIC",
	"Modality": "MR",
	"AcquisitionDateTime": "20160720112835.050000",
	"TotalReadoutTime": 0.060030139,
	"SliceTiming": [4.5875,0,4.74,0.1525,4.8925,0.305,5.0475,0.4575,5.2,0.6125,5.3525,0.765,5.505,0.9175,5.6575,1.07,5.81,1.2225,5.965,1.375,6.1175,1.53,6.27,1.6825,6.4225,1.835,6.575,1.9875,6.73,2.14,6.8825,2.295,7.035,2.4475,7.1875,2.6,7.34,2.7525,7.4925,2.905,7.6475,3.0575,7.8,3.2125,7.9525,3.365,8.105,3.5175,8.2575,3.67,8.41,3.8225,8.565,3.975,8.7175,4.13,8.87,4.2825,9.0225,4.435],
	"RepetitionTime": 9.14,
	"PhaseEncodingDirection": "j",
	"EffectiveEchoSpacing": 0.0006900016,
	"EchoTime": 0.077,
	"PatientName": "Anon",
	"PatientSex": "Anon",
	"PatientAge": "Anon",
	"PatientSize": "Anon",
	"PatientWeight": "Anon",
	"PatientPosition": "HFS",
	"SliceThickness": 2.4000001,
	"FlipAngle": 90,
	"Manufacturer": "SIEMENS",
	"SoftwareVersion": "syngo MR B19",
	"MRAcquisitionType": "2D",
	"InstitutionName": "Anon",
	"InstitutionAddress": "Anon",
	"DeviceSerialNumber": "35450",
	"ScanningSequence": "EP",
	"SequenceVariant": "SK",
	"ScanOptions": "FS",
	"SequenceName": "epse2d1_88",
	"IntendedFor": [
		"func\/sub-B04_task-viscomp_run-1_bold.nii.gz",
		"func\/sub-B04_task-viscomp_run-2_bold.nii.gz",
		"func\/sub-B04_task-viscomp_run-3_bold.nii.gz",
		"func\/sub-B04_task-viscomp_run-4_bold.nii.gz"
	]
}
