{
	"ConversionSoftware": "dicm2nii.m 20180808",
	"SeriesNumber": 6,
	"SeriesDescription": "t1_mpr_ns_sag_p2_iso_32Channel",
	"ImageType": [
		"ORIGINAL",
		"PRIMARY",
		"M",
		"ND"
	],
	"Modality": "MR",
	"AcquisitionDateTime": "20180809154733.170000",
	"RepetitionTime": 2.4,
	"PhaseEncodingDirection": "j-",
	"EchoTime": 0.00231,
	"InversionTime": 1,
	"PatientName": "Anon",
	"PatientSex": "Anon",
	"PatientAge": "Anon",
	"PatientSize": "Anon",
	"PatientWeight": "Anon",
	"PatientPosition": "HFS",
	"SliceThickness": 0.80000001,
	"FlipAngle": 8,
	"Manufacturer": "SIEMENS",
	"SoftwareVersion": "syngo MR B19",
	"MRAcquisitionType": "3D",
	"InstitutionName": "Anon",
	"InstitutionAddress": "Anon",
	"DeviceSerialNumber": "35450",
	"ScanningSequence": "GR\\IR",
	"SequenceVariant": "SP\\MP",
	"ScanOptions": "IR\\WE",
	"SequenceName": "*tfl3d1_ns",
	"Defaced": "True"
}
