{
	"ConversionSoftware": "dicm2nii.m 20180219",
	"SeriesNumber": 8,
	"SeriesDescription": "t2_spc_sag_p2_iso",
	"ImageType": "ORIGINAL\\PRIMARY\\M\\ND",
	"Modality": "MR",
	"AcquisitionDateTime": "20160601151431.882500",
	"RepetitionTime": 3.2,
	"PhaseEncodingDirection": "j-",
	"EchoTime": 0.566,
	"PatientName": "Anon",
	"PatientSex": "Anon",
	"PatientAge": "Anon",
	"PatientSize": "Anon",
	"PatientWeight": "Anon",
	"PatientPosition": "HFS",
	"SliceThickness": 0.82999998,
	"FlipAngle": 120,
	"Manufacturer": "SIEMENS",
	"SoftwareVersion": "syngo MR B19",
	"MRAcquisitionType": "3D",
	"InstitutionName": "Anon",
	"InstitutionAddress": "Anon",
	"DeviceSerialNumber": "35450",
	"ScanningSequence": "SE",
	"SequenceVariant": "SK\\SP\\OSP",
	"ScanOptions": "PFP",
	"SequenceName": "*spc3d1_366ns"
}
