{
  "ConversionSoftware": "dicm2nii.m 20180808",
  "SeriesNumber": 4,
  "SeriesDescription": "cmrr_mbep2d_se_AP",
  "ImageType": [
    "ORIGINAL",
    "PRIMARY",
    "M",
    "ND",
    "MOSAIC"
  ],
  "Modality": "MR",
  "AcquisitionDateTime": "20180218102638.475000",
  "TotalReadoutTime": 0.065247912,
  "SliceTiming": [
    4.5875,
    0,
    4.74,
    0.1525,
    4.8925,
    0.305,
    5.045,
    0.4575,
    5.1975,
    0.61,
    5.3525,
    0.7625,
    5.505,
    0.9175,
    5.6575,
    1.07,
    5.81,
    1.2225,
    5.9625,
    1.375,
    6.115,
    1.5275,
    6.27,
    1.68,
    6.4225,
    1.835,
    6.575,
    1.9875,
    6.7275,
    2.14,
    6.88,
    2.2925,
    7.0325,
    2.445,
    7.1875,
    2.5975,
    7.34,
    2.7525,
    7.4925,
    2.905,
    7.645,
    3.0575,
    7.7975,
    3.21,
    7.95,
    3.3625,
    8.105,
    3.515,
    8.2575,
    3.67,
    8.41,
    3.8225,
    8.5625,
    3.975,
    8.715,
    4.1275,
    8.87,
    4.28,
    9.0225,
    4.435
  ],
  "RepetitionTime": 9.14,
  "PhaseEncodingDirection": "j-",
  "EffectiveEchoSpacing": 0.000749976,
  "EchoTime": 0.077,
  "PatientName": "Anon",
  "PatientSex": "Anon",
  "PatientAge": "Anon",
  "PatientSize": "Anon",
  "PatientWeight": "Anon",
  "PatientPosition": "HFS",
  "SliceThickness": 2.4000001,
  "FlipAngle": 90,
  "Manufacturer": "SIEMENS",
  "SoftwareVersion": "syngo MR B19",
  "MRAcquisitionType": "2D",
  "InstitutionName": "Anon",
  "InstitutionAddress": "Anon",
  "DeviceSerialNumber": "35450",
  "ScanningSequence": "EP",
  "SequenceVariant": "SK",
  "ScanOptions": "FS",
  "SequenceName": "epse2d1_88",
  "IntendedFor": [
    "func/sub-S47_task-viscomp_run-1_bold.nii.gz",
    "func/sub-S47_task-viscomp_run-2_bold.nii.gz",
    "func/sub-S47_task-viscomp_run-3_bold.nii.gz",
    "func/sub-S47_task-viscomp_run-4_bold.nii.gz"
  ]
}