{
	"ConversionSoftware": "dicm2nii.m 20180219",
	"SeriesNumber": 43,
	"SeriesDescription": "MB_Resting_SBRef",
	"ImageType": "ORIGINAL\\PRIMARY\\M\\ND\\MOSAIC",
	"Modality": "MR",
	"AcquisitionDateTime": "20160814193526.250000",
	"RepetitionTime": 0.785,
	"PhaseEncodingDirection": "j-",
	"EchoTime": 0.0348,
	"PatientName": "Anon",
	"PatientPosition": "HFS",
	"SliceThickness": 2.4000001,
	"FlipAngle": 55,
	"Manufacturer": "SIEMENS",
	"SoftwareVersion": "syngo MR B19",
	"MRAcquisitionType": "2D",
	"ScanningSequence": "EP",
	"SequenceVariant": "SK\\SS",
	"ScanOptions": "FS",
	"SequenceName": "epfid2d1_88",
	"TaskName": "rest",
	"TotalReadoutTime": 0.03001507,
	"EffectiveEchoSpacing": 0.0003450008,
	"SliceTiming": [0,0.55,0.315,0.0775,0.63,0.3925,0.1575,0.7075,0.4725,0.235,0,0.55,0.315,0.0775,0.63,0.3925,0.1575,0.7075,0.4725,0.235,0,0.55,0.315,0.0775,0.63,0.3925,0.1575,0.7075,0.4725,0.235,0,0.55,0.315,0.0775,0.63,0.3925,0.1575,0.7075,0.4725,0.235,0,0.55,0.315,0.0775,0.63,0.3925,0.1575,0.7075,0.4725,0.235,0,0.55,0.315,0.0775,0.63,0.3925,0.1575,0.7075,0.4725,0.235]
}
