{
	"ConversionSoftware": "dicm2nii.m 20180808",
	"SeriesNumber": 20,
	"SeriesDescription": "MB_Resting_SBRef",
	"ImageType": [
		[],
		[],
		[],
		[],
		[]
	],
	"Modality": "MR",
	"AcquisitionDateTime": "20170418094845.680000",
	"TotalReadoutTime": 0.03001507,
	"RepetitionTime": 0.785,
	"PhaseEncodingDirection": "j-",
	"EffectiveEchoSpacing": 0.0003450008,
	"EchoTime": 0.0348,
	"PatientName": "Anon",
	"PatientSex": "Anon",
	"PatientAge": "Anon",
	"PatientSize": "Anon",
	"PatientWeight": "Anon",
	"PatientPosition": "HFS",
	"SliceThickness": 2.4000001,
	"FlipAngle": 55,
	"Manufacturer": "SIEMENS",
	"SoftwareVersion": "syngo MR B19",
	"MRAcquisitionType": "2D",
	"InstitutionName": "Anon",
	"InstitutionAddress": "Anon",
	"DeviceSerialNumber": "35450",
	"ScanningSequence": "EP",
	"SequenceVariant": "SK\\SS",
	"ScanOptions": "FS",
	"SequenceName": "epfid2d1_88",
	"TaskName": "rest"
}
